GEM
  remote: https://rubygems.org/
  specs:
    CFPropertyList (2.2.8)
    airbrussh (1.3.0)
      sshkit (>= 1.6.1, != 1.7.0)
    archive-tar-minitar (0.5.2)
    arr-pm (0.0.10)
      cabin (> 0)
    aws-sdk (2.11.8)
      aws-sdk-resources (= 2.11.8)
    aws-sdk-core (2.11.8)
      aws-sigv4 (~> 1.0)
      jmespath (~> 1.0)
    aws-sdk-resources (2.11.8)
      aws-sdk-core (= 2.11.8)
    aws-sigv4 (1.0.2)
    backports (3.11.1)
    cabin (0.9.0)
    capistrano (3.10.1)
      airbrussh (>= 1.0.0)
      i18n
      rake (>= 10.0.0)
      sshkit (>= 1.9.0)
    capistrano-rake (0.1.0)
      capistrano (>= 3.0)
    childprocess (0.8.0)
      ffi (~> 1.0, >= 1.0.11)
    clamp (1.0.1)
    concurrent-ruby (1.0.5)
    deb-s3 (0.9.1)
      aws-sdk (~> 2)
      thor (~> 0.19.0)
    deep_merge (1.1.1)
    diff-lcs (1.3)
    dotenv (2.2.1)
    erubis (2.7.0)
    facter (2.4.6)
    facter (2.4.6-universal-darwin)
      CFPropertyList (~> 2.2.6)
    fast_gettext (1.1.2)
    ffi (1.9.23)
    fpm (1.8.1)
      archive-tar-minitar (= 0.5.2)
      arr-pm (~> 0.0.10)
      backports (>= 2.6.2)
      cabin (>= 0.6.0)
      childprocess
      clamp (~> 1.0.0)
      ffi
      json (>= 1.7.7, < 2.0)
      pleaserun (~> 0.0.24)
      ruby-xz
    gettext (3.2.6)
      locale (>= 2.0.5)
      text (>= 1.3.0)
    gettext-setup (0.30)
      fast_gettext (~> 1.1.0)
      gettext (>= 3.0.2)
      locale
    hiera (3.4.0)
    hiera-eyaml (2.1.0)
      highline (~> 1.6.19)
      trollop (~> 2.0)
    highline (1.6.21)
    i18n (1.0.0)
      concurrent-ruby (~> 1.0)
    insist (1.0.0)
    io-like (0.3.0)
    jmespath (1.3.1)
    json (1.8.6)
    locale (2.1.2)
    mustache (0.99.8)
    net-scp (1.2.1)
      net-ssh (>= 2.6.5)
    net-ssh (4.2.0)
    pleaserun (0.0.30)
      cabin (> 0)
      clamp
      dotenv
      insist
      mustache (= 0.99.8)
      stud
    puppet (5.0.0)
      facter (> 2.0, < 4)
      gettext-setup (>= 0.10, < 1)
      hiera (>= 3.2.1, < 4)
      locale (~> 2.1)
    puppet (5.0.0-universal-darwin)
      CFPropertyList (~> 2.2)
      facter (> 2.0, < 4)
      gettext-setup (>= 0.10, < 1)
      hiera (>= 3.2.1, < 4)
      locale (~> 2.1)
    puppet-lint (2.3.0)
    rake (10.5.0)
    rspec (3.7.0)
      rspec-core (~> 3.7.0)
      rspec-expectations (~> 3.7.0)
      rspec-mocks (~> 3.7.0)
    rspec-core (3.7.1)
      rspec-support (~> 3.7.0)
    rspec-expectations (3.7.0)
      diff-lcs (>= 1.2.0, < 2.0)
      rspec-support (~> 3.7.0)
    rspec-mocks (3.7.0)
      diff-lcs (>= 1.2.0, < 2.0)
      rspec-support (~> 3.7.0)
    rspec-support (3.7.1)
    ruby-xz (0.2.3)
      ffi (~> 1.9)
      io-like (~> 0.3)
    rubyzip (1.2.1)
    sshkit (1.16.0)
      net-scp (>= 1.1.2)
      net-ssh (>= 2.8.0)
    stud (0.0.23)
    text (1.3.1)
    thor (0.19.4)
    tmuxinator (0.7.2)
      erubis (~> 2.6)
      thor (~> 0.19, >= 0.15.0)
    trollop (2.1.2)

PLATFORMS
  ruby
  x86_64-darwin-16

DEPENDENCIES
  bundler (~> 1.11)
  capistrano (= 3.10.1)
  capistrano-rake (~> 0.1.0)
  deb-s3 (= 0.9.1)
  deep_merge (= 1.1.1)
  facter (= 2.4.6)
  fpm (= 1.8.1)
  hiera (= 3.4.0)
  hiera-eyaml (= 2.1.0)
  puppet (= 5.0)
  puppet-lint (= 2.3.0)
  rake (~> 10.0)
  rspec (~> 3.5)
  rubyzip (~> 1.2)
  thor (~> 0.19.1)
  tmuxinator (~> 0.7.1)

BUNDLED WITH
   1.16.1
